GEM
  remote: http://rubygems.org/
  specs:
    bouncy-castle-java (1.5.0146.1)
    gem_plugin (0.2.3)
    jdbc-sqlite3 (3.7.2)
    jruby-openssl (0.7.4)
      bouncy-castle-java
    json (1.5.3-java)
    mongrel (1.1.5-java)
      gem_plugin (>= 0.2.3)
    rack (1.3.2)
    rmagick4j (0.3.7)
    sequel (3.25.0)
    sinatra (1.2.6)
      rack (~> 1.1)
      tilt (>= 1.2.2, < 2.0)
    tilt (1.3.2)
    zip (2.0.2)

PLATFORMS
  java

DEPENDENCIES
  jdbc-sqlite3
  jruby-openssl
  json
  mongrel
  rmagick4j
  sequel
  sinatra
  zip
