GEM
  remote: http://rubygems.org/
  specs:
    bouncy-castle-java (1.5.0146.1)
    jdbc-sqlite3 (3.7.2)
    jruby-openssl (0.7.4)
      bouncy-castle-java
    jruby-rack (1.1.6)
    json (1.5.3-java)
    rack (1.3.2)
    sequel (3.25.0)
    sinatra (1.2.6)
      rack (~> 1.1)
      tilt (>= 1.2.2, < 2.0)
    tilt (1.3.2)
    trinidad (1.3.5)
      jruby-rack (>= 1.1.5)
      trinidad_jars (>= 1.0.2)
    trinidad_jars (1.0.3)
    zip (2.0.2)

PLATFORMS
  java

DEPENDENCIES
  jdbc-sqlite3
  jruby-openssl
  json
  sequel
  sinatra
  trinidad
  zip
